GEM
  remote: https://rubygems.org/
  specs:
    ast (2.0.0)
    astrolabe (1.3.0)
      parser (>= 2.2.0.pre.3, < 3.0)
    coderay (1.1.0)
    coveralls (0.7.0)
      multi_json (~> 1.3)
      rest-client
      simplecov (>= 0.7)
      term-ansicolor
      thor
    fakeweb (1.3.0)
    inch (0.4.2)
      pry
      sparkr (>= 0.2.0)
      term-ansicolor
      yard (~> 0.8.7)
    method_source (0.8.2)
    mime-types (2.1)
    multi_json (1.8.2)
    parser (2.2.0.2)
      ast (>= 1.1, < 3.0)
    powerpack (0.0.9)
    pry (0.9.12.6)
      coderay (~> 1.0)
      method_source (~> 0.8)
      slop (~> 3.4)
    rainbow (2.0.0)
    rake (10.1.0)
    rest-client (1.6.7)
      mime-types (>= 1.16)
    rubocop (0.28.0)
      astrolabe (~> 1.3)
      parser (>= 2.2.0.pre.7, < 3.0)
      powerpack (~> 0.0.6)
      rainbow (>= 1.99.1, < 3.0)
      ruby-progressbar (~> 1.4)
    ruby-progressbar (1.7.1)
    rubygems-tasks (0.2.4)
    simplecov (0.7.1)
      multi_json (~> 1.0)
      simplecov-html (~> 0.7.1)
    simplecov-html (0.7.1)
    slop (3.5.0)
    sparkr (0.4.1)
    term-ansicolor (1.2.2)
      tins (~> 0.8)
    test-unit (2.5.5)
    thor (0.18.1)
    tins (0.13.2)
    trollop (2.1.1)
    yard (0.8.7.4)

PLATFORMS
  ruby

DEPENDENCIES
  coveralls
  fakeweb
  inch (~> 0.4.2)
  rake
  rubocop
  rubygems-tasks
  simplecov
  test-unit
  trollop (~> 2.1)
